GEM
  remote: http://rubygems.org/
  specs:
    bson (1.7.0)
    daemons (1.1.9)
    eventmachine (1.0.0)
    haml (3.1.7)
    mongo (1.7.0)
      bson (~> 1.7.0)
    rack (1.4.1)
    rack-protection (1.2.0)
      rack
    sinatra (1.3.3)
      rack (~> 1.3, >= 1.3.6)
      rack-protection (~> 1.2)
      tilt (~> 1.3, >= 1.3.3)
    thin (1.5.0)
      daemons (>= 1.0.9)
      eventmachine (>= 0.12.6)
      rack (>= 1.0.0)
    tilt (1.3.3)

PLATFORMS
  ruby

DEPENDENCIES
  haml
  mongo
  sinatra
  thin
